GEM
  remote: https://rubygems.org/
  specs:
    builder (3.2.2)
    byebug (8.2.1)

PLATFORMS
  ruby

DEPENDENCIES
  builder
  byebug

BUNDLED WITH
   1.10.6
